GEM
  remote: http://rubygems.org/
  specs:
    builder (3.2.2)
    childprocess (0.5.3)
      ffi (~> 1.0, >= 1.0.11)
    coderay (1.1.0)
    commonwatir (4.0.0)
    cucumber (1.3.15)
      builder (>= 2.1.2)
      diff-lcs (>= 1.1.3)
      gherkin (~> 2.12)
      multi_json (>= 1.7.5, < 2.0)
      multi_test (>= 0.1.1)
    diff-lcs (1.2.5)
    ffi (1.9.3)
    ffi (1.9.3-x86-mingw32)
    gherkin (2.12.2)
      multi_json (~> 1.3)
    gherkin (2.12.2-x86-mingw32)
      multi_json (~> 1.3)
    headless (1.0.2)
    method_source (0.8.2)
    mini_magick (3.5.0)
      subexec (~> 0.2.1)
    mini_portile (0.6.2)
    multi_json (1.10.1)
    multi_test (0.1.1)
    nokogiri (1.6.6.2-x86-mingw32)
      mini_portile (~> 0.6.0)
    pry (0.10.1)
      coderay (~> 1.1.0)
      method_source (~> 0.8.1)
      slop (~> 3.4)
    pry (0.10.1-x86-mingw32)
      coderay (~> 1.1.0)
      method_source (~> 0.8.1)
      slop (~> 3.4)
      win32console (~> 1.3)
    pry-doc (0.6.0)
      pry (~> 0.9)
      yard (~> 0.8)
    pry-rails (0.3.2)
      pry (>= 0.9.10)
    rake (10.3.2)
    rautomation (0.17.0)
      ffi (~> 1.9.0)
    rspec (3.0.0)
      rspec-core (~> 3.0.0)
      rspec-expectations (~> 3.0.0)
      rspec-mocks (~> 3.0.0)
    rspec-core (3.0.1)
      rspec-support (~> 3.0.0)
    rspec-expectations (3.0.1)
      diff-lcs (>= 1.2.0, < 2.0)
      rspec-support (~> 3.0.0)
    rspec-mocks (3.0.1)
      rspec-support (~> 3.0.0)
    rspec-support (3.0.0)
    rubyzip (1.1.4)
    selenium-webdriver (2.42.0)
      childprocess (>= 0.5.0)
      multi_json (~> 1.0)
      rubyzip (~> 1.0)
      websocket (~> 1.0.4)
    slop (3.6.0)
    subexec (0.2.3)
    watir (5.0.0)
      commonwatir (~> 4)
      watir-webdriver
    watir (5.0.0-x86-mingw32)
      commonwatir (~> 4)
      watir-classic (~> 4.0)
      watir-webdriver
    watir-classic (4.0.1)
      ffi (~> 1.0)
      multi_json
      nokogiri (>= 1.5.7.rc3)
      rautomation (~> 0.7)
      win32-process (>= 0.5.5)
      win32screenshot (~> 1.0.9)
      windows-pr (>= 0.6.6)
    watir-page-helper (1.0.3)
      watir-webdriver
    watir-webdriver (0.6.10)
      selenium-webdriver (>= 2.18.0)
    websocket (1.0.7)
    win32-api (1.5.2-x86-mingw32)
    win32-process (0.7.4)
      ffi (>= 1.0.0)
    win32console (1.3.2-x86-mingw32)
    win32screenshot (1.0.10)
      ffi (~> 1.0)
      mini_magick (~> 3.5.0)
      rautomation (~> 0.7)
    windows-api (0.4.3)
      win32-api (>= 1.4.5)
    windows-pr (1.2.4)
      win32-api (>= 1.4.5)
      windows-api (>= 0.4.0)
    yard (0.8.7.6)

PLATFORMS
  ruby
  x86-mingw32

DEPENDENCIES
  cucumber (> 0)
  headless (> 0)
  pry
  pry-doc
  pry-rails
  rake
  rspec (> 0)
  watir
  watir-page-helper (> 0)
  watir-webdriver (> 0)
